PATH
  remote: .
  specs:
    basic101 (1.0.0)
      parslet (~> 1.8)

GEM
  remote: https://rubygems.org/
  specs:
    diff-lcs (1.3)
    docile (1.1.5)
    json (2.1.0)
    parslet (1.8.0)
    rake (12.0.0)
    redcarpet (3.4.0)
    rspec (3.6.0)
      rspec-core (~> 3.6.0)
      rspec-expectations (~> 3.6.0)
      rspec-mocks (~> 3.6.0)
    rspec-core (3.6.0)
      rspec-support (~> 3.6.0)
    rspec-expectations (3.6.0)
      diff-lcs (>= 1.2.0, < 2.0)
      rspec-support (~> 3.6.0)
    rspec-its (1.2.0)
      rspec-core (>= 3.0.0)
      rspec-expectations (>= 3.0.0)
    rspec-mocks (3.6.0)
      diff-lcs (>= 1.2.0, < 2.0)
      rspec-support (~> 3.6.0)
    rspec-support (3.6.0)
    simplecov (0.14.1)
      docile (~> 1.1.0)
      json (>= 1.8, < 3)
      simplecov-html (~> 0.10.0)
    simplecov-html (0.10.1)
    yard (0.9.9)

PLATFORMS
  ruby

DEPENDENCIES
  basic101!
  rake (~> 12.0)
  redcarpet (~> 3.2)
  rspec (~> 3.6)
  rspec-its (~> 1.2)
  simplecov (~> 0.14)
  yard (~> 0.9.5)

BUNDLED WITH
   1.15.3
